GEM
  remote: https://rubygems.org/
  specs:
    scanf (1.0.0)

PLATFORMS
  arm64-darwin-23
  ruby

DEPENDENCIES
  scanf

BUNDLED WITH
   2.5.23
